NUGET
  remote: https://api.nuget.org/v3/index.json
    FSharp.Core (3.1.2.5) - restriction: >= net452
    FsUnit (3.0) - restriction: >= net452
      FSharp.Core (>= 3.1.2.5) - restriction: < netstandard1.6
      NUnit (>= 3.6)
    NUnit (3.6) - restriction: >= net452
    NUnit.Console (3.7) - restriction: >= net452
      NUnit.ConsoleRunner (>= 3.7)
      NUnit.Extension.NUnitProjectLoader (>= 3.5)
      NUnit.Extension.NUnitV2Driver (>= 3.6)
      NUnit.Extension.NUnitV2ResultWriter (>= 3.5)
      NUnit.Extension.TeamCityEventListener (>= 1.0.2)
      NUnit.Extension.VSProjectLoader (>= 3.5)
    NUnit.ConsoleRunner (3.7) - restriction: >= net452
    NUnit.Extension.NUnitProjectLoader (3.5) - restriction: >= net452
    NUnit.Extension.NUnitV2Driver (3.6) - restriction: >= net452
    NUnit.Extension.NUnitV2ResultWriter (3.5) - restriction: >= net452
    NUnit.Extension.TeamCityEventListener (1.0.2) - restriction: >= net452
    NUnit.Extension.VSProjectLoader (3.5) - restriction: >= net452
